GEM
  remote: https://rubygems.org/
  specs:
    backports (3.6.4)
    color (1.7.1)
    color_namer (0.1.0)
      color (>= 1.4.1)
    multi_json (1.10.1)
    rack (1.5.2)
    rack-parser (0.6.1)
      rack
    rack-protection (1.5.3)
      rack
    rack-test (0.6.3)
      rack (>= 1.0)
    rmagick (2.13.4)
    sinatra (1.4.5)
      rack (~> 1.4)
      rack-protection (~> 1.4)
      tilt (~> 1.3, >= 1.3.4)
    sinatra-contrib (1.4.2)
      backports (>= 2.0)
      multi_json
      rack-protection
      rack-test
      sinatra (~> 1.4.0)
      tilt (~> 1.3)
    tilt (1.4.1)

PLATFORMS
  ruby

DEPENDENCIES
  color_namer
  rack (= 1.5.2)
  rack-parser
  rmagick
  sinatra
  sinatra-contrib
